GIT
  remote: https://github.com/tdiary/tdiary-contrib.git
  revision: 00a556a4a2e2bc9a56fd95862ab17694f38f476a
  specs:
    tdiary-contrib (5.4.0)
      coderay
      holiday_japan
      pushbullet_ruby
      tdiary (~> 5.0)

GIT
  remote: https://github.com/tdiary/tdiary-io-mongodb.git
  revision: e2608f909b1128cf16c895c5119d687dc505312c
  specs:
    tdiary-io-mongodb (5.1.1)
      hikidoc
      mongo (~> 2.14)
      mongoid (~> 7.2)
      tdiary (>= 5.0)

GEM
  remote: https://rubygems.org/
  specs:
    activemodel (7.0.8.7)
      activesupport (= 7.0.8.7)
    activesupport (7.0.8.7)
      concurrent-ruby (~> 1.0, >= 1.0.2)
      i18n (>= 1.6, < 2)
      minitest (>= 5.1)
      tzinfo (~> 2.0)
    addressable (2.8.7)
      public_suffix (>= 2.0.2, < 7.0)
    base64 (0.3.0)
    bigdecimal (3.2.2)
    bson (5.1.1)
    capybara (3.40.0)
      addressable
      matrix
      mini_mime (>= 0.1.3)
      nokogiri (~> 1.11)
      rack (>= 1.6.0)
      rack-test (>= 0.6.3)
      regexp_parser (>= 1.5, < 3.0)
      xpath (~> 3.2)
    childprocess (5.1.0)
      logger (~> 1.5)
    coderay (1.1.3)
    commonmarker (2.3.1-arm64-darwin)
    commonmarker (2.3.1-x86_64-linux)
    concurrent-ruby (1.3.5)
    connection_pool (2.5.3)
    dalli (3.2.8)
    date (3.4.1)
    diff-lcs (1.6.2)
    docile (1.4.1)
    emot (0.0.4)
      thor
    faraday (0.17.6)
      multipart-post (>= 1.2, < 3)
    fastimage (2.4.0)
    hashie (5.0.0)
    hikidoc (0.1.0)
    holiday_japan (1.4.4)
    i18n (1.14.7)
      concurrent-ruby (~> 1.0)
    idn-ruby (0.1.5)
    jwt (3.1.2)
      base64
    launchy (3.1.1)
      addressable (~> 2.8)
      childprocess (~> 5.0)
      logger (~> 1.6)
    logger (1.7.0)
    mail (2.8.1)
      mini_mime (>= 0.1.1)
      net-imap
      net-pop
      net-smtp
    matrix (0.4.3)
    memcachier (0.0.2)
    mime-types (3.7.0)
      logger
      mime-types-data (~> 3.2025, >= 3.2025.0507)
    mime-types-data (3.2025.0708)
    mini_mime (1.1.5)
    minitest (5.25.5)
    mongo (2.21.1)
      base64
      bson (>= 4.14.1, < 6.0.0)
    mongoid (7.5.4)
      activemodel (>= 5.1, < 7.1, != 7.0.0)
      mongo (>= 2.10.5, < 3.0.0)
      ruby2_keywords (~> 0.0.5)
    multi_xml (0.7.2)
      bigdecimal (~> 3.1)
    multipart-post (2.4.1)
    net-imap (0.5.9)
      date
      net-protocol
    net-pop (0.1.2)
      net-protocol
    net-protocol (0.2.2)
      timeout
    net-smtp (0.5.1)
      net-protocol
    nio4r (2.7.4)
    nkf (0.2.0)
    nokogiri (1.18.8-arm64-darwin)
      racc (~> 1.4)
    nokogiri (1.18.8-x86_64-linux-gnu)
      racc (~> 1.4)
    oauth2 (2.0.12)
      faraday (>= 0.17.3, < 4.0)
      jwt (>= 1.0, < 4.0)
      logger (~> 1.2)
      multi_xml (~> 0.5)
      rack (>= 1.2, < 4)
      snaky_hash (~> 2.0, >= 2.0.3)
      version_gem (>= 1.1.8, < 3)
    octokit (4.22.0)
      faraday (>= 0.9)
      sawyer (~> 0.8.0, >= 0.5.3)
    omniauth (2.1.3)
      hashie (>= 3.4.6)
      rack (>= 2.2.3)
      rack-protection
    omniauth-github (2.0.1)
      omniauth (~> 2.0)
      omniauth-oauth2 (~> 1.8)
    omniauth-oauth2 (1.8.0)
      oauth2 (>= 1.4, < 3)
      omniauth (~> 2.0)
    pit (0.0.7)
    power_assert (2.0.5)
    public_suffix (6.0.2)
    puma (6.6.0)
      nio4r (~> 2.0)
    pushbullet_ruby (1.1.4)
      faraday (>= 0.13.0, < 1.0)
      mime-types
    racc (1.8.1)
    rack (3.1.16)
    rack-protection (4.1.1)
      base64 (>= 0.1.0)
      logger (>= 1.6.0)
      rack (>= 3.0.0, < 4)
    rack-session (2.1.1)
      base64 (>= 0.1.0)
      rack (>= 3.0.0)
    rack-test (2.2.0)
      rack (>= 1.3)
    racksh (1.0.1)
      rack (>= 1.0)
      rack-test (>= 0.5)
    rackup (2.2.1)
      rack (>= 3)
    rake (13.3.0)
    rdtool (0.6.38)
    redcarpet (3.6.1)
    regexp_parser (2.10.0)
    rexml (3.4.1)
    rspec (3.13.1)
      rspec-core (~> 3.13.0)
      rspec-expectations (~> 3.13.0)
      rspec-mocks (~> 3.13.0)
    rspec-core (3.13.5)
      rspec-support (~> 3.13.0)
    rspec-expectations (3.13.5)
      diff-lcs (>= 1.2.0, < 2.0)
      rspec-support (~> 3.13.0)
    rspec-mocks (3.13.5)
      diff-lcs (>= 1.2.0, < 2.0)
      rspec-support (~> 3.13.0)
    rspec-support (3.13.4)
    ruby2_keywords (0.0.5)
    rubyzip (2.4.1)
    sawyer (0.8.2)
      addressable (>= 2.3.5)
      faraday (> 0.8, < 2.0)
    selenium-webdriver (4.34.0)
      base64 (~> 0.2)
      logger (~> 1.4)
      rexml (~> 3.2, >= 3.2.5)
      rubyzip (>= 1.2.2, < 3.0)
      websocket (~> 1.0)
    sequel (5.94.0)
      bigdecimal
    simplecov (0.22.0)
      docile (~> 1.1)
      simplecov-html (~> 0.11)
      simplecov_json_formatter (~> 0.1)
    simplecov-html (0.13.1)
    simplecov_json_formatter (0.1.4)
    snaky_hash (2.0.3)
      hashie (>= 0.1.0, < 6)
      version_gem (>= 1.1.8, < 3)
    sqlite3 (2.7.2-arm64-darwin)
    sqlite3 (2.7.2-x86_64-linux-gnu)
    tdiary (5.4.0)
      bundler (>= 2.6, < 3.0)
      emot
      fastimage
      hikidoc
      mail
      nkf
      rack
      rake
      rexml
      thor
      webrick
    tdiary-style-gfm (1.2.0)
      commonmarker
      emot
      twitter-text (>= 2.0)
    tdiary-style-rd (0.0.3)
      rdtool
    test-unit (3.7.0)
      power_assert
    thor (1.3.2)
    timeout (0.4.3)
    twitter-text (3.1.0)
      idn-ruby
      unf (~> 0.1.0)
    tzinfo (2.0.6)
      concurrent-ruby (~> 1.0)
    unf (0.1.4)
      unf_ext
    unf_ext (0.0.9.1)
    version_gem (1.1.8)
    webrick (1.9.1)
    websocket (1.2.11)
    xpath (3.2.0)
      nokogiri (~> 1.8)

PLATFORMS
  arm64-darwin-22
  arm64-darwin-23
  arm64-darwin-25
  x86_64-linux

DEPENDENCIES
  capybara
  connection_pool
  dalli
  date (>= 3.1.1)
  emot
  fastimage
  hikidoc
  launchy
  mail
  memcachier
  mime-types
  octokit
  omniauth
  omniauth-github
  pit
  puma
  rack
  rack-session
  racksh
  rackup
  rake
  redcarpet
  rexml
  rspec
  selenium-webdriver
  sequel
  simplecov
  sqlite3
  tdiary-contrib!
  tdiary-io-mongodb!
  tdiary-style-gfm
  tdiary-style-rd
  test-unit
  webrick

RUBY VERSION
   ruby 3.4.4p34

BUNDLED WITH
   2.6.9
