GIT
  remote: https://github.com/tdiary/tdiary-contrib.git
  revision: e38ae92c460cbf7f94a323f379c6c548b208294b
  specs:
    tdiary-contrib (5.2.0)
      coderay
      holiday_japan
      pushbullet_ruby
      tdiary (~> 5.0)

GIT
  remote: https://github.com/tdiary/tdiary-io-mongodb.git
  revision: e2608f909b1128cf16c895c5119d687dc505312c
  specs:
    tdiary-io-mongodb (5.1.1)
      hikidoc
      mongo (~> 2.14)
      mongoid (~> 7.2)
      tdiary (>= 5.0)

GEM
  remote: https://rubygems.org/
  specs:
    activemodel (7.0.2.2)
      activesupport (= 7.0.2.2)
    activesupport (7.0.2.2)
      concurrent-ruby (~> 1.0, >= 1.0.2)
      i18n (>= 1.6, < 2)
      minitest (>= 5.1)
      tzinfo (~> 2.0)
    addressable (2.8.0)
      public_suffix (>= 2.0.2, < 5.0)
    bson (4.14.1)
    capybara (3.36.0)
      addressable
      matrix
      mini_mime (>= 0.1.3)
      nokogiri (~> 1.8)
      rack (>= 1.6.0)
      rack-test (>= 0.6.3)
      regexp_parser (>= 1.5, < 3.0)
      xpath (~> 3.2)
    childprocess (4.1.0)
    coderay (1.1.3)
    commonmarker (0.23.2)
    concurrent-ruby (1.1.9)
    coveralls (0.8.23)
      json (>= 1.8, < 3)
      simplecov (~> 0.16.1)
      term-ansicolor (~> 1.3)
      thor (>= 0.19.4, < 2.0)
      tins (~> 1.6)
    dalli (2.7.11)
    date (3.2.2)
    debug (1.4.0)
      irb (>= 1.3.6)
      reline (>= 0.2.7)
    diff-lcs (1.5.0)
    digest (3.1.0)
    docile (1.4.0)
    emot (0.0.4)
      thor
    faraday (0.17.5)
      multipart-post (>= 1.2, < 3)
    fastimage (2.2.6)
    hashie (5.0.0)
    hikidoc (0.1.0)
    holiday_japan (1.4.4)
    i18n (1.10.0)
      concurrent-ruby (~> 1.0)
    idn-ruby (0.1.4)
    io-console (0.5.11)
    io-wait (0.2.1)
    irb (1.4.1)
      reline (>= 0.3.0)
    jasmine (2.99.0)
      jasmine-core (>= 2.99.0, < 3.0.0)
      phantomjs
      rack (>= 1.2.1)
      rake
    jasmine-core (2.99.2)
    json (2.6.1)
    launchy (2.5.0)
      addressable (~> 2.7)
    mail (2.7.1)
      mini_mime (>= 0.1.1)
    matrix (0.4.2)
    memcachier (0.0.2)
    mime-types (3.4.1)
      mime-types-data (~> 3.2015)
    mime-types-data (3.2022.0105)
    mini_mime (1.1.2)
    minitest (5.15.0)
    mongo (2.17.0)
      bson (>= 4.8.2, < 5.0.0)
    mongoid (7.3.4)
      activemodel (>= 5.1, < 7.1, != 7.0.0)
      mongo (>= 2.10.5, < 3.0.0)
      ruby2_keywords (~> 0.0.5)
    multipart-post (2.1.1)
    net-protocol (0.1.2)
      io-wait
      timeout
    net-smtp (0.3.1)
      digest
      net-protocol
      timeout
    nio4r (2.5.8)
    nokogiri (1.13.3-x86_64-linux)
      racc (~> 1.4)
    oauth (0.5.8)
    octokit (4.22.0)
      faraday (>= 0.9)
      sawyer (~> 0.8.0, >= 0.5.3)
    omniauth (2.0.4)
      hashie (>= 3.4.6)
      rack (>= 1.6.2, < 3)
      rack-protection
    omniauth-oauth (1.2.0)
      oauth
      omniauth (>= 1.0, < 3)
    omniauth-twitter (1.4.0)
      omniauth-oauth (~> 1.1)
      rack
    phantomjs (2.1.1.0)
    pit (0.0.7)
    power_assert (2.0.1)
    public_suffix (4.0.6)
    puma (5.6.2)
      nio4r (~> 2.0)
    pushbullet_ruby (1.1.4)
      faraday (>= 0.13.0, < 1.0)
      mime-types
    racc (1.6.0)
    rack (2.2.3)
    rack-protection (2.2.0)
      rack
    rack-test (1.1.0)
      rack (>= 1.0, < 3)
    racksh (1.0.0)
      rack (>= 1.0)
      rack-test (>= 0.5)
    rake (13.0.6)
    rdtool (0.6.38)
    redcarpet (3.5.1)
    regexp_parser (2.2.1)
    reline (0.3.1)
      io-console (~> 0.5)
    rexml (3.2.5)
    rspec (3.11.0)
      rspec-core (~> 3.11.0)
      rspec-expectations (~> 3.11.0)
      rspec-mocks (~> 3.11.0)
    rspec-core (3.11.0)
      rspec-support (~> 3.11.0)
    rspec-expectations (3.11.0)
      diff-lcs (>= 1.2.0, < 2.0)
      rspec-support (~> 3.11.0)
    rspec-mocks (3.11.0)
      diff-lcs (>= 1.2.0, < 2.0)
      rspec-support (~> 3.11.0)
    rspec-support (3.11.0)
    ruby2_keywords (0.0.5)
    rubyzip (2.3.2)
    sawyer (0.8.2)
      addressable (>= 2.3.5)
      faraday (> 0.8, < 2.0)
    selenium-webdriver (4.1.0)
      childprocess (>= 0.5, < 5.0)
      rexml (~> 3.2, >= 3.2.5)
      rubyzip (>= 1.2.2)
    sequel (5.53.0)
    simplecov (0.16.1)
      docile (~> 1.1)
      json (>= 1.8, < 3)
      simplecov-html (~> 0.10.0)
    simplecov-html (0.10.2)
    sqlite3 (1.4.2)
    sync (0.5.0)
    tdiary (5.2.0)
      bundler (>= 1.3, < 3.0)
      emot
      fastimage
      hikidoc
      mail
      rack
      rake
      rexml
      thor
      webrick
    tdiary-style-gfm (1.2.0)
      commonmarker
      emot
      twitter-text (>= 2.0)
    tdiary-style-rd (0.0.3)
      rdtool
    term-ansicolor (1.7.1)
      tins (~> 1.0)
    test-unit (3.5.3)
      power_assert
    thor (1.2.1)
    timeout (0.2.0)
    tins (1.31.0)
      sync
    twitter-text (3.1.0)
      idn-ruby
      unf (~> 0.1.0)
    tzinfo (2.0.4)
      concurrent-ruby (~> 1.0)
    unf (0.1.4)
      unf_ext
    unf_ext (0.0.8)
    webrick (1.7.0)
    xpath (3.2.0)
      nokogiri (~> 1.8)

PLATFORMS
  x86_64-linux

DEPENDENCIES
  capybara
  coveralls (~> 0.8)
  dalli (< 3)
  date (>= 3.1.1)
  debug
  emot
  fastimage
  hikidoc
  jasmine (< 3)
  launchy
  mail
  memcachier
  mime-types
  net-smtp
  octokit
  omniauth
  omniauth-twitter
  pit
  puma
  rack
  racksh
  rake
  redcarpet
  rexml
  rspec
  selenium-webdriver
  sequel
  simplecov
  sqlite3
  tdiary-contrib!
  tdiary-io-mongodb!
  tdiary-style-gfm
  tdiary-style-rd
  test-unit
  webrick

RUBY VERSION
   ruby 3.1.1p18

BUNDLED WITH
   2.3.8
