GIT
  remote: https://github.com/tdiary/tdiary-contrib.git
  revision: 8d97251ac26cfa5e89df2f3a0e8989b1b64556c1
  specs:
    tdiary-contrib (5.1.1)
      pushbullet_ruby
      tdiary (~> 5.0)

GIT
  remote: https://github.com/tdiary/tdiary-io-mongodb.git
  revision: 7c55edb93c9ef0faca7bddf49f292d0304e4a62f
  specs:
    tdiary-io-mongodb (5.0.4)
      hikidoc
      mongo (< 2.9.0)
      mongoid (~> 7.0)
      tdiary (>= 5.0)

GEM
  remote: https://rubygems.org/
  specs:
    activemodel (6.0.3.1)
      activesupport (= 6.0.3.1)
    activesupport (6.0.3.1)
      concurrent-ruby (~> 1.0, >= 1.0.2)
      i18n (>= 0.7, < 2)
      minitest (~> 5.1)
      tzinfo (~> 1.1)
      zeitwerk (~> 2.2, >= 2.2.2)
    addressable (2.7.0)
      public_suffix (>= 2.0.2, < 5.0)
    bson (4.8.2)
    capybara (3.32.2)
      addressable
      mini_mime (>= 0.1.3)
      nokogiri (~> 1.8)
      rack (>= 1.6.0)
      rack-test (>= 0.6.3)
      regexp_parser (~> 1.5)
      xpath (~> 3.2)
    childprocess (3.0.0)
    commonmarker (0.21.0)
      ruby-enum (~> 0.5)
    concurrent-ruby (1.1.6)
    coveralls (0.8.23)
      json (>= 1.8, < 3)
      simplecov (~> 0.16.1)
      term-ansicolor (~> 1.3)
      thor (>= 0.19.4, < 2.0)
      tins (~> 1.6)
    dalli (2.7.10)
    debase (0.2.4.1)
      debase-ruby_core_source (>= 0.10.2)
    debase-ruby_core_source (0.10.9)
    diff-lcs (1.3)
    docile (1.3.2)
    emot (0.0.4)
      thor
    faraday (0.17.3)
      multipart-post (>= 1.2, < 3)
    fastimage (2.1.7)
    hashie (4.1.0)
    hikidoc (0.1.0)
    i18n (1.8.2)
      concurrent-ruby (~> 1.0)
    idn-ruby (0.1.0)
    jasmine (2.99.0)
      jasmine-core (>= 2.99.0, < 3.0.0)
      phantomjs
      rack (>= 1.2.1)
      rake
    jasmine-core (2.99.2)
    json (2.3.0)
    launchy (2.5.0)
      addressable (~> 2.7)
    mail (2.7.1)
      mini_mime (>= 0.1.1)
    memcachier (0.0.2)
    mime-types (3.3.1)
      mime-types-data (~> 3.2015)
    mime-types-data (3.2020.0512)
    mini_mime (1.0.2)
    mini_portile2 (2.4.0)
    minitest (5.14.1)
    mongo (2.8.0)
      bson (>= 4.4.2, < 5.0.0)
    mongoid (7.1.1)
      activemodel (>= 5.1, < 6.1)
      mongo (>= 2.7.0, < 3.0.0)
    multipart-post (2.1.1)
    nio4r (2.5.2)
    nokogiri (1.10.9)
      mini_portile2 (~> 2.4.0)
    oauth (0.5.4)
    octokit (4.18.0)
      faraday (>= 0.9)
      sawyer (~> 0.8.0, >= 0.5.3)
    omniauth (1.9.1)
      hashie (>= 3.4.6)
      rack (>= 1.6.2, < 3)
    omniauth-oauth (1.1.0)
      oauth
      omniauth (~> 1.0)
    omniauth-twitter (1.4.0)
      omniauth-oauth (~> 1.1)
      rack
    phantomjs (2.1.1.0)
    pit (0.0.7)
    power_assert (1.2.0)
    public_suffix (4.0.5)
    puma (4.3.5)
      nio4r (~> 2.0)
    pushbullet_ruby (1.1.4)
      faraday (>= 0.13.0, < 1.0)
      mime-types
    rack (2.2.2)
    rack-test (1.1.0)
      rack (>= 1.0, < 3)
    racksh (1.0.0)
      rack (>= 1.0)
      rack-test (>= 0.5)
    rake (13.0.1)
    rdtool (0.6.38)
    redcarpet (3.5.0)
    regexp_parser (1.7.0)
    rspec (3.9.0)
      rspec-core (~> 3.9.0)
      rspec-expectations (~> 3.9.0)
      rspec-mocks (~> 3.9.0)
    rspec-core (3.9.2)
      rspec-support (~> 3.9.3)
    rspec-expectations (3.9.2)
      diff-lcs (>= 1.2.0, < 2.0)
      rspec-support (~> 3.9.0)
    rspec-mocks (3.9.1)
      diff-lcs (>= 1.2.0, < 2.0)
      rspec-support (~> 3.9.0)
    rspec-support (3.9.3)
    ruby-debug-ide (0.7.2)
      rake (>= 0.8.1)
    ruby-enum (0.8.0)
      i18n
    rubyzip (2.3.0)
    sawyer (0.8.2)
      addressable (>= 2.3.5)
      faraday (> 0.8, < 2.0)
    selenium-webdriver (3.142.7)
      childprocess (>= 0.5, < 4.0)
      rubyzip (>= 1.2.2)
    sequel (5.32.0)
    simplecov (0.16.1)
      docile (~> 1.1)
      json (>= 1.8, < 3)
      simplecov-html (~> 0.10.0)
    simplecov-html (0.10.2)
    sqlite3 (1.4.2)
    sync (0.5.0)
    tdiary (5.1.1)
      bundler (>= 1.3, < 3.0)
      emot
      fastimage
      hikidoc
      mail
      rack
      rake
      thor
    tdiary-style-gfm (1.2.0)
      commonmarker
      emot
      twitter-text (>= 2.0)
    tdiary-style-rd (0.0.3)
      rdtool
    term-ansicolor (1.7.1)
      tins (~> 1.0)
    test-unit (3.3.5)
      power_assert
    thor (1.0.1)
    thread_safe (0.3.6)
    tins (1.25.0)
      sync
    twitter-text (3.1.0)
      idn-ruby
      unf (~> 0.1.0)
    tzinfo (1.2.7)
      thread_safe (~> 0.1)
    unf (0.1.4)
      unf_ext
    unf_ext (0.0.7.7)
    xpath (3.2.0)
      nokogiri (~> 1.8)
    zeitwerk (2.3.0)

PLATFORMS
  ruby

DEPENDENCIES
  capybara
  coveralls (~> 0.8)
  dalli
  debase
  emot
  fastimage
  hikidoc
  jasmine (< 3)
  launchy
  mail
  memcachier
  mime-types
  octokit
  omniauth
  omniauth-twitter
  pit
  puma
  rack
  racksh
  rake
  redcarpet
  rspec
  ruby-debug-ide
  selenium-webdriver
  sequel
  simplecov
  sqlite3
  tdiary-contrib!
  tdiary-io-mongodb!
  tdiary-style-gfm
  tdiary-style-rd
  test-unit

RUBY VERSION
   ruby 2.7.1p83

BUNDLED WITH
   2.1.4
